PATH
  remote: .
  specs:
    dry_app_generator (0.1.0)
      bundler (~> 2.0)
      dry-inflector (~> 0.1)
      git (~> 1.7)
      pry (~> 0.13)
      thor (~> 1.0)

GEM
  remote: https://rubygems.org/
  specs:
    coderay (1.1.3)
    diff-lcs (1.4.4)
    dry-inflector (0.2.0)
    git (1.7.0)
      rchardet (~> 1.8)
    method_source (1.0.0)
    pry (0.13.1)
      coderay (~> 1.1)
      method_source (~> 1.0)
    rake (13.0.1)
    rchardet (1.8.0)
    rspec (3.10.0)
      rspec-core (~> 3.10.0)
      rspec-expectations (~> 3.10.0)
      rspec-mocks (~> 3.10.0)
    rspec-core (3.10.0)
      rspec-support (~> 3.10.0)
    rspec-expectations (3.10.0)
      diff-lcs (>= 1.2.0, < 2.0)
      rspec-support (~> 3.10.0)
    rspec-mocks (3.10.0)
      diff-lcs (>= 1.2.0, < 2.0)
      rspec-support (~> 3.10.0)
    rspec-support (3.10.0)
    thor (1.0.1)

PLATFORMS
  ruby

DEPENDENCIES
  dry_app_generator!
  rake (~> 13.0)
  rspec (~> 3.0)

BUNDLED WITH
   2.1.4
